GEM
  remote: https://rubygems.org/
  specs:
    activemodel (5.2.8)
      activesupport (= 5.2.8)
    activesupport (5.2.8)
      concurrent-ruby (~> 1.0, >= 1.0.2)
      i18n (>= 0.7, < 2)
      minitest (~> 5.1)
      tzinfo (~> 1.1)
    bson (4.15.0)
    builder (3.2.4)
    byebug (11.1.3)
    concurrent-ruby (1.1.10)
    cqm-models (4.0.2)
    cqm-parsers (4.0.0.1)
      activesupport (~> 5.2.1)
      builder (~> 3.1)
      cqm-models (~> 4.0.0)
      erubis (~> 2.7.0)
      highline (~> 1.7.0)
      log4r (~> 1.1.10)
      memoist (~> 0.9.1)
      mongoid (~> 6.4.2)
      mongoid-tree (~> 2.1.0)
      mustache
      nokogiri (>= 1.8.5, < 1.14.0)
      rubyzip (~> 1.3)
      typhoeus
      uuid (~> 2.3.7)
      zip-zip (~> 0.3)
    erubis (2.7.0)
    ethon (0.15.0)
      ffi (>= 1.15.0)
    ffi (1.15.5)
    highline (1.7.10)
    i18n (1.10.0)
      concurrent-ruby (~> 1.0)
    log4r (1.1.10)
    macaddr (1.7.2)
      systemu (~> 2.6.5)
    memoist (0.9.3)
    minitest (5.16.1)
    mongo (2.17.1)
      bson (>= 4.8.2, < 5.0.0)
    mongoid (6.4.8)
      activemodel (>= 5.1, < 6.0.0)
      mongo (>= 2.5.1, < 3.0.0)
    mongoid-tree (2.1.1)
      mongoid (>= 4.0, < 8)
    mustache (1.1.1)
    nokogiri (1.13.6-x86_64-darwin)
      racc (~> 1.4)
    racc (1.6.0)
    rack (2.2.4)
    rubyzip (1.3.0)
    systemu (2.6.5)
    thread_safe (0.3.6)
    typhoeus (1.4.0)
      ethon (>= 0.9.0)
    tzinfo (1.2.9)
      thread_safe (~> 0.1)
    uuid (2.3.9)
      macaddr (~> 1.0)
    zip-zip (0.3)
      rubyzip (>= 1.0.0)

PLATFORMS
  x86_64-darwin-18

DEPENDENCIES
  byebug
  cqm-models (~> 4.0.0)
  cqm-parsers (~> 4.0.0)
  rack

BUNDLED WITH
   2.2.33
